GEM
  remote: https://rubygems.org/
  specs:
    crass (1.0.2)
    faraday (0.9.2)
      multipart-post (>= 1.2, < 3)
    htmlentities (4.3.4)
    mini_portile2 (2.6.1)
    multipart-post (2.0.0)
    nokogiri (1.12.5)
      mini_portile2 (~> 2.6.1)
      racc (~> 1.4)
    nokogumbo (1.4.1)
      nokogiri
    racc (1.6.0)
    sanitize (4.0.0)
      crass (~> 1.0.2)
      nokogiri (>= 1.4.4)
      nokogumbo (= 1.4.1)
    trollop (2.1.2)

PLATFORMS
  ruby

DEPENDENCIES
  faraday
  htmlentities
  nokogiri
  sanitize
  trollop
