GEM
  remote: https://rubygems.org/
  specs:
    crass (1.0.2)
    faraday (0.9.2)
      multipart-post (>= 1.2, < 3)
    htmlentities (4.3.4)
    mini_portile (0.6.2)
    multipart-post (2.0.0)
    nokogiri (1.6.6.2)
      mini_portile (~> 0.6.0)
    nokogumbo (1.4.1)
      nokogiri
    sanitize (4.0.0)
      crass (~> 1.0.2)
      nokogiri (>= 1.4.4)
      nokogumbo (= 1.4.1)
    trollop (2.1.2)

PLATFORMS
  ruby

DEPENDENCIES
  faraday
  htmlentities
  nokogiri
  sanitize
  trollop
